GEM
  remote: https://rubygems.org/
  specs:
    sass (3.4.7)

PLATFORMS
  ruby
  x86-mingw32

DEPENDENCIES
  sass (~> 3.4.0)
